GEM
  remote: http://rubygems.org/
  specs:
    activemodel (3.0.4)
      activesupport (= 3.0.4)
      builder (~> 2.1.2)
      i18n (~> 0.4)
    activesupport (3.0.4)
    adapter (0.5.2)
    adapter-redis (0.5.1)
      adapter (~> 0.5.1)
      redis (~> 2.1.1)
    adapter-riak (0.5)
      activesupport (~> 3.0.3)
      adapter (~> 0.5.1)
      riak-client (~> 0.8.3)
    builder (2.1.2)
    excon (0.5.5)
    i18n (0.5.0)
    rack (1.2.1)
    redis (2.1.1)
    riak-client (0.8.3)
      builder (~> 2.1.2)
      i18n (>= 0.4.0)
    simple_uuid (0.1.2)
    sinatra (1.1.2)
      rack (~> 1.1)
      tilt (~> 1.2)
    tilt (1.2.2)
    toystore (0.6.3)
      activemodel (~> 3.0.3)
      activesupport (~> 3.0.3)
      adapter (~> 0.5.1)
      simple_uuid (~> 0.1.1)
    yajl-ruby (0.8.1)

PLATFORMS
  ruby

DEPENDENCIES
  adapter
  adapter-redis
  adapter-riak
  excon
  redis
  riak-client
  sinatra
  toystore
  yajl-ruby
